PATH
  remote: .
  specs:
    voicebase (1.0.0)
      excon
      faraday
      faraday_middleware
      hashie
      mimemagic
      xml-simple

GEM
  remote: https://rubygems.org/
  specs:
    diff-lcs (1.2.5)
    dotenv (2.0.1)
    excon (0.45.3)
    faraday (0.9.1)
      multipart-post (>= 1.2, < 3)
    faraday_middleware (0.9.1)
      faraday (>= 0.7.4, < 0.10)
    hashie (3.4.1)
    mime-types (2.4.3)
    mimemagic (0.3.0)
    multipart-post (2.0.0)
    rspec (3.2.0)
      rspec-core (~> 3.2.0)
      rspec-expectations (~> 3.2.0)
      rspec-mocks (~> 3.2.0)
    rspec-core (3.2.3)
      rspec-support (~> 3.2.0)
    rspec-expectations (3.2.1)
      diff-lcs (>= 1.2.0, < 2.0)
      rspec-support (~> 3.2.0)
    rspec-mocks (3.2.1)
      diff-lcs (>= 1.2.0, < 2.0)
      rspec-support (~> 3.2.0)
    rspec-support (3.2.2)
    xml-simple (1.1.5)

PLATFORMS
  ruby

DEPENDENCIES
  dotenv
  mime-types
  rspec
  voicebase!
